GEM
  remote: https://rubygems.org/
  specs:
    RedCloth (4.3.2)
    activesupport (5.2.3)
      concurrent-ruby (~> 1.0, >= 1.0.2)
      i18n (>= 0.7, < 2)
      minitest (~> 5.1)
      tzinfo (~> 1.1)
    asciidoctor (2.0.9)
    builder (3.2.3)
    commonmarker (0.20.1)
      ruby-enum (~> 0.5)
    concurrent-ruby (1.1.5)
    crass (1.0.4)
    creole (0.5.0)
    escape_utils (1.2.1)
    expression_parser (0.9.0)
    gemoji (3.0.1)
    github-markup (3.0.4)
    html-pipeline (2.11.0)
      activesupport (>= 2)
      nokogiri (>= 1.4)
    htmlentities (4.3.4)
    i18n (1.6.0)
      concurrent-ruby (~> 1.0)
    json (1.8.6)
    mini_portile2 (2.4.0)
    minitest (5.11.3)
    nokogiri (1.10.3)
      mini_portile2 (~> 2.4.0)
    nokogumbo (2.0.1)
      nokogiri (~> 1.8, >= 1.8.4)
    org-ruby (0.9.12)
      rubypants (~> 0.2)
    rack (2.0.7)
    rdoc (3.12.2)
      json (~> 1.4)
    roda (3.19.0)
      rack
    ruby-enum (0.7.2)
      i18n
    rubypants (0.7.0)
    sanitize (5.0.0)
      crass (~> 1.0.2)
      nokogiri (>= 1.8.0)
      nokogumbo (~> 2.0)
    thread_safe (0.3.6)
    twitter-text (1.14.7)
      unf (~> 0.1.0)
    tzinfo (1.2.5)
      thread_safe (~> 0.1)
    unf (0.1.4)
      unf_ext
    unf_ext (0.0.7.6)
    wikicloth (0.8.3)
      builder
      expression_parser
      htmlentities
      nokogiri
      twitter-text

PLATFORMS
  ruby

DEPENDENCIES
  RedCloth (= 4.3.2)
  asciidoctor (= 2.0.9)
  commonmarker (= 0.20.1)
  creole (= 0.5.0)
  escape_utils (= 1.2.1)
  gemoji (= 3.0.1)
  github-markup (= 3.0.4)
  html-pipeline (= 2.11.0)
  org-ruby (= 0.9.12)
  rdoc (~> 3.6)
  roda (= 3.19.0)
  sanitize (= 5.0.0)
  twitter-text (~> 1.14)
  wikicloth (= 0.8.3)

BUNDLED WITH
   1.17.2
